GEM
  remote: https://rubygems.org/
  specs:
    activesupport (4.2.0)
      i18n (~> 0.7)
      json (~> 1.7, >= 1.7.7)
      minitest (~> 5.1)
      thread_safe (~> 0.3, >= 0.3.4)
      tzinfo (~> 1.1)
    backports (3.6.4)
    diff-lcs (1.2.5)
    grit (2.0.0)
      diff-lcs (>= 1.1.2)
      mime-types (>= 1.15)
    highline (1.6.21)
    http_router (0.7.10)
      rack (>= 1.0.0)
      url_mount (~> 0.2.1)
    i18n (0.7.0)
    json (1.8.2)
    mail (2.6.3)
      mime-types (>= 1.16, < 3)
    mime-types (2.4.3)
    minitest (5.5.1)
    netrc (0.10.2)
    padrino (0.9.29)
      padrino-admin (= 0.9.29)
      padrino-cache (= 0.9.29)
      padrino-core (= 0.9.29)
      padrino-gen (= 0.9.29)
      padrino-helpers (= 0.9.29)
      padrino-mailer (= 0.9.29)
    padrino-admin (0.9.29)
      padrino-core (= 0.9.29)
      padrino-helpers (= 0.9.29)
    padrino-cache (0.9.29)
      padrino-core (= 0.9.29)
    padrino-core (0.9.29)
      activesupport (>= 3.0.0)
      http_router (~> 0.7.8)
      sinatra (~> 1.2.6)
      thor (>= 0.14.3)
      tilt (~> 1.3.0)
    padrino-gen (0.9.29)
      bundler (>= 1.0.2)
      grit
      padrino-core (= 0.9.29)
    padrino-helpers (0.9.29)
      i18n (>= 0.4.1)
      padrino-core (= 0.9.29)
    padrino-mailer (0.9.29)
      mail (>= 2.2.0)
      padrino-core (= 0.9.29)
    rack (1.4.5)
    rest-client (1.7.2)
      mime-types (>= 1.16, < 3.0)
      netrc (~> 0.7)
    rugged (0.21.4)
    sinatra (1.2.9)
      backports
      rack (~> 1.1, < 1.5)
      tilt (>= 1.2.2, < 2.0)
    social_snippet (0.0.8)
      highline (~> 1.6.0)
      rest-client (~> 1.7.0)
      rugged (~> 0.21.4, >= 0.21.4)
      version_sorter (~> 1.1.0)
    thor (0.19.1)
    thread_safe (0.3.4)
    tilt (1.3.7)
    tzinfo (1.2.2)
      thread_safe (~> 0.1)
    url_mount (0.2.1)
      rack
    version_sorter (1.1.0)

PLATFORMS
  ruby

DEPENDENCIES
  padrino
  social_snippet
